GEM
  remote: https://rubygems.org/
  specs:
    awesome_print (1.7.0)
    classy_hash (0.2.0)
    config_env (0.1.2)
    kramdown (1.12.0)
    minitest (5.9.1)
    minitest-rg (5.2.0)
      minitest (~> 5.0)
    puma (3.6.0)
    rack (1.6.4)
    rack-protection (1.5.3)
      rack
    rack-ssl-enforcer (0.2.9)
    rack-test (0.6.3)
      rack (>= 1.0)
    rake (11.3.0)
    sinatra (1.4.7)
      rack (~> 1.5)
      rack-protection (~> 1.4)
      tilt (>= 1.3, < 3)
    slim (3.0.7)
      temple (~> 0.7.6)
      tilt (>= 1.3.3, < 2.1)
    temple (0.7.7)
    tilt (2.0.5)

PLATFORMS
  ruby

DEPENDENCIES
  awesome_print
  classy_hash
  config_env
  kramdown
  minitest
  minitest-rg
  puma
  rack-ssl-enforcer
  rack-test
  rake
  sinatra
  slim

RUBY VERSION
   ruby 2.3.0p0

BUNDLED WITH
   1.13.5
